GIT
  remote: https://github.com/travis-ci/travis-config
  revision: 778468a12f833eab9c7c3cf61ebf60e294eb4180
  specs:
    travis-config (1.1.2)
      hashr (~> 2.0)

GIT
  remote: https://github.com/travis-ci/travis-sso
  revision: 8b41951a7a1905978ae3bb6ecaffa88f2f22d3d7
  specs:
    travis-sso (0.0.1)
      multi_json
      rack
      rotp
      yubikey

GEM
  remote: https://rubygems.org/
  specs:
    activemodel (5.1.5)
      activesupport (= 5.1.5)
    activerecord (5.1.5)
      activemodel (= 5.1.5)
      activesupport (= 5.1.5)
      arel (~> 8.0)
    activesupport (5.1.5)
      concurrent-ruby (~> 1.0, >= 1.0.2)
      i18n (~> 0.7)
      minitest (~> 5.1)
      tzinfo (~> 1.1)
    addressable (2.5.2)
      public_suffix (>= 2.0.2, < 4.0)
    arel (8.0.0)
    backports (3.11.1)
    concurrent-ruby (1.0.5)
    faraday (0.14.0)
      multipart-post (>= 1.2, < 3)
    ffi (1.9.23)
    hashr (2.0.1)
    i18n (0.9.5)
      concurrent-ruby (~> 1.0)
    listen (3.1.5)
      rb-fsevent (~> 0.9, >= 0.9.4)
      rb-inotify (~> 0.9, >= 0.9.7)
      ruby_dep (~> 1.2)
    minitest (5.11.3)
    multi_json (1.13.1)
    multipart-post (2.0.0)
    mustermann (1.0.3)
    pg (1.0.0)
    public_suffix (3.0.2)
    puma (3.11.3)
    rack (2.0.6)
    rack-protection (2.0.1)
      rack
    rack-ssl (1.4.1)
      rack
    rb-fsevent (0.10.3)
    rb-inotify (0.9.10)
      ffi (>= 0.5.0, < 2)
    redis (4.0.1)
    rerun (0.13.0)
      listen (~> 3.0)
    rotp (3.3.1)
    ruby_dep (1.5.0)
    sentry-raven (2.7.2)
      faraday (>= 0.7.6, < 1.0)
    sinatra (2.0.1)
      mustermann (~> 1.0)
      rack (~> 2.0)
      rack-protection (= 2.0.1)
      tilt (~> 2.0)
    sinatra-contrib (2.0.1)
      backports (>= 2.0)
      multi_json
      mustermann (~> 1.0)
      rack-protection (= 2.0.1)
      sinatra (= 2.0.1)
      tilt (>= 1.3, < 3)
    thread_safe (0.3.6)
    tilt (2.0.8)
    tzinfo (1.2.5)
      thread_safe (~> 0.1)
    yubikey (1.4.1)

PLATFORMS
  ruby

DEPENDENCIES
  activerecord
  addressable
  pg
  puma
  rack-ssl
  redis
  rerun
  sentry-raven
  sinatra
  sinatra-contrib
  travis-config!
  travis-sso!

RUBY VERSION
   ruby 2.3.4p301

BUNDLED WITH
   1.16.2
